GEM
  remote: https://rubygems.org/
  specs:
    language_server-protocol (3.17.0.5)
    logger (1.7.0)
    prettier_print (1.2.1)
    prism (1.4.0)
    rbs (3.9.4)
      logger
    ruby-lsp (0.23.23)
      language_server-protocol (~> 3.17.0)
      prism (>= 1.2, < 2.0)
      rbs (>= 3, < 5)
      sorbet-runtime (>= 0.5.10782)
    sorbet-runtime (0.5.12135)
    syntax_tree (6.2.0)
      prettier_print (>= 1.2.0)

PLATFORMS
  x64-mingw-ucrt

DEPENDENCIES
  ruby-lsp
  syntax_tree

BUNDLED WITH
   2.6.9
